{
    "TaskName": "GG",
    "Manufacturer": "n/a",
    "PowerLineFrequency": 50.0,
    "SamplingFrequency": 3000.0,
    "SoftwareFilters": "n/a",
    "RecordingDuration": 3668.6396666666665,
    "RecordingType": "continuous",
    "EEGReference": "n/a",
    "EEGGround": "n/a",
    "EEGPlacementScheme": "n/a",
    "EEGChannelCount": 139,
    "EOGChannelCount": 0,
    "ECGChannelCount": 0,
    "EMGChannelCount": 0,
    "MiscChannelCount": 0,
    "TriggerChannelCount": 0
}
